GEM
  remote: https://rubygems.org/
  specs:
    actionmailer (2.3.14)
      actionpack (= 2.3.14)
    actionpack (2.3.14)
      activesupport (= 2.3.14)
      rack (~> 1.1.0)
    activerecord (2.3.14)
      activesupport (= 2.3.14)
    activerecord-postgresql-adapter (0.0.1)
      pg
    activeresource (2.3.14)
      activesupport (= 2.3.14)
    activesupport (2.3.14)
    daemons (1.1.9)
    eventmachine (1.0.3)
    json (1.8.1)
    pg (0.17.1)
    rack (1.1.6)
    rails (2.3.14)
      actionmailer (= 2.3.14)
      actionpack (= 2.3.14)
      activerecord (= 2.3.14)
      activeresource (= 2.3.14)
      activesupport (= 2.3.14)
      rake (>= 0.8.3)
    rake (10.3.2)
    rdoc (4.1.1)
      json (~> 1.4)
    rdoc-data (4.0.1)
      rdoc (~> 4.0)
    thin (1.6.2)
      daemons (>= 1.0.9)
      eventmachine (>= 1.0.0)
      rack (>= 1.0.0)

PLATFORMS
  ruby

DEPENDENCIES
  activerecord-postgresql-adapter
  rails (= 2.3.14)
  rdoc
  rdoc-data
  thin
